GEM
  remote: http://rubygems.org/
  specs:
    daemons (1.1.9)
    eventmachine (1.0.0)
    json (1.7.5)
    macaddr (1.6.1)
      systemu (~> 2.5.0)
    multi_json (1.5.0)
    pusher (0.11.1)
      multi_json (~> 1.0)
      signature (~> 0.1.6)
    rack (1.4.1)
    rack-protection (1.3.2)
      rack
    signature (0.1.6)
    sinatra (1.3.3)
      rack (~> 1.3, >= 1.3.6)
      rack-protection (~> 1.2)
      tilt (~> 1.3, >= 1.3.3)
    systemu (2.5.2)
    thin (1.5.0)
      daemons (>= 1.0.9)
      eventmachine (>= 0.12.6)
      rack (>= 1.0.0)
    tilt (1.3.3)
    uuid (2.3.6)
      macaddr (~> 1.0)

PLATFORMS
  ruby

DEPENDENCIES
  json
  pusher
  sinatra
  thin
  uuid
